GEM
  remote: https://rubygems.org/
  specs:
    absolute_time (1.0.0)
    activesupport (5.2.8)
      concurrent-ruby (~> 1.0, >= 1.0.2)
      i18n (>= 0.7, < 2)
      minitest (~> 5.1)
      tzinfo (~> 1.1)
    ast (2.4.2)
    bbbevents (1.2.0)
      activesupport (~> 5.0, >= 5.0.0.1)
    builder (3.2.4)
    concurrent-ruby (1.1.10)
    crass (1.0.6)
    fastimage (2.2.6)
    ffi (1.15.5)
    i18n (1.10.0)
      concurrent-ruby (~> 1.0)
    jaro_winkler (1.5.4)
    java_properties (0.0.4)
    journald-logger (3.1.0)
      journald-native (~> 1.0)
    journald-native (1.0.12)
    jwt (2.3.0)
    locale (2.1.3)
    loofah (2.18.0)
      crass (~> 1.0.2)
      nokogiri (>= 1.5.9)
    mini_portile2 (2.8.0)
    minitest (5.14.4)
    mono_logger (1.1.1)
    multi_json (1.15.0)
    mustermann (1.1.1)
      ruby2_keywords (~> 0.0.1)
    nokogiri (1.13.6)
      mini_portile2 (~> 2.8.0)
      racc (~> 1.4)
    open4 (1.3.4)
    optimist (3.0.1)
    parallel (1.22.1)
    parser (3.1.2.0)
      ast (~> 2.4.1)
    racc (1.6.0)
    rack (2.2.3.1)
    rack-protection (2.2.0)
      rack
    rainbow (3.1.1)
    rake (13.0.6)
    rb-inotify (0.10.1)
      ffi (~> 1.0)
    redis (4.6.0)
    redis-namespace (1.8.2)
      redis (>= 3.0.4)
    resque (2.0.0)
      mono_logger (~> 1.0)
      multi_json (~> 1.0)
      redis-namespace (~> 1.6)
      sinatra (>= 0.9.2)
      vegas (~> 0.1.2)
    rubocop (0.79.0)
      jaro_winkler (~> 1.5.1)
      parallel (~> 1.10)
      parser (>= 2.7.0.1)
      rainbow (>= 2.2.2, < 4.0)
      ruby-progressbar (~> 1.7)
      unicode-display_width (>= 1.4.0, < 1.7)
    ruby-progressbar (1.11.0)
    ruby2_keywords (0.0.5)
    rubyzip (2.3.2)
    sinatra (2.2.0)
      mustermann (~> 1.0)
      rack (~> 2.2)
      rack-protection (= 2.2.0)
      tilt (~> 2.0)
    thread_safe (0.3.6)
    tilt (2.0.10)
    tzinfo (1.2.9)
      thread_safe (~> 0.1)
    unicode-display_width (1.6.1)
    vegas (0.1.11)
      rack (>= 1.0.0)

PLATFORMS
  ruby

DEPENDENCIES
  absolute_time (~> 1.0)
  bbbevents (~> 1.2)
  builder (~> 3.2)
  fastimage (~> 2.1)
  java_properties
  journald-logger (~> 3.0)
  jwt (~> 2.2)
  locale (~> 2.1)
  loofah (~> 2.3)
  minitest (~> 5.14.1)
  nokogiri (~> 1.13, >= 1.13.6)
  open4 (~> 1.3)
  optimist
  rake (>= 12.3, < 14)
  rb-inotify (~> 0.10)
  redis (~> 4.1)
  resque (~> 2.0.0)
  rubocop (~> 0.79.0)
  rubyzip (~> 2.0)

BUNDLED WITH
   2.1.4
